PATH
  remote: .
  specs:
    purvey (0.0.1)
      ftpd (~> 0.6.0)

GEM
  remote: https://rubygems.org/
  specs:
    diff-lcs (1.2.2)
    ftpd (0.6.0)
      memoizer (~> 1.0.1)
    memoizer (1.0.1)
    rspec (2.13.0)
      rspec-core (~> 2.13.0)
      rspec-expectations (~> 2.13.0)
      rspec-mocks (~> 2.13.0)
    rspec-core (2.13.1)
    rspec-expectations (2.13.0)
      diff-lcs (>= 1.1.3, < 2.0)
    rspec-mocks (2.13.0)

PLATFORMS
  ruby

DEPENDENCIES
  purvey!
  rspec (~> 2.13.0)
