PATH
  remote: .
  specs:
    quickftp (0.0.1)
      ftpd (~> 0.6.0)

GEM
  remote: https://rubygems.org/
  specs:
    ftpd (0.6.0)
      memoizer (~> 1.0.1)
    memoizer (1.0.1)
    minitest (5.8.3)
    rake (10.4.2)

PLATFORMS
  ruby

DEPENDENCIES
  minitest (~> 5.8, >= 5.8.3)
  quickftp!
  rake (~> 10.4, >= 10.4.2)

BUNDLED WITH
   1.10.6
